PATH
  remote: .
  specs:
    em-imap (0.5)
      deferrable_gratification
      eventmachine

GEM
  remote: https://rubygems.org/
  specs:
    deferrable_gratification (0.3.1)
      eventmachine
    diff-lcs (1.2.5)
    eventmachine (1.2.7)
    rake (12.3.3)
    rspec (2.14.1)
      rspec-core (~> 2.14.0)
      rspec-expectations (~> 2.14.0)
      rspec-mocks (~> 2.14.0)
    rspec-core (2.14.7)
    rspec-expectations (2.14.4)
      diff-lcs (>= 1.1.3, < 2.0)
    rspec-mocks (2.14.4)

PLATFORMS
  ruby

DEPENDENCIES
  bundler
  em-imap!
  rake
  rspec
